PATH
  remote: ~/.rvm/gems/ruby-1.9.3-p194@rails3.2/gems/arm_fftw-0.0.1/
  specs:
    arm_fftw (0.0.1)
      narray

PATH
  remote: ~/.rvm/gems/ruby-1.9.3-p194@rails3.2/gems/pv_adc-0.0.1/
  specs:
    pv_adc (0.0.1)

GEM
  remote: https://rubygems.org/
  specs:
    activesupport (3.2.12)
      i18n (~> 0.6)
      multi_json (~> 1.0)
    async_sinatra (1.0.0)
      rack (>= 1.4.1)
      sinatra (>= 1.3.2)
    coffee-script (2.2.0)
      coffee-script-source
      execjs
    coffee-script-source (1.4.0)
    daemons (1.1.9)
    em-redis (0.3.0)
      eventmachine
    em-websocket (0.4.0)
      eventmachine (>= 0.12.9)
      http_parser.rb (~> 0.5.3)
    eventmachine (1.0.0)
    execjs (1.4.0)
      multi_json (~> 1.0)
    http_parser.rb (0.5.3)
    i18n (0.6.1)
    json (1.7.7)
    multi_json (1.6.1)
    narray (0.6.0.7)
    rack (1.5.2)
    rack-protection (1.3.2)
      rack
    sinatra (1.3.4)
      rack (~> 1.4)
      rack-protection (~> 1.3)
      tilt (~> 1.3, >= 1.3.3)
    thin (1.5.0)
      daemons (>= 1.0.9)
      eventmachine (>= 0.12.6)
      rack (>= 1.0.0)
    thor (0.17.0)
    tilt (1.3.3)

PLATFORMS
  ruby

DEPENDENCIES
  activesupport
  arm_fftw (= 0.0.1)!
  async_sinatra
  coffee-script
  em-redis
  em-websocket
  eventmachine (>= 1.0.0.rc.2)
  json
  pv_adc (= 0.0.1)!
  rack
  sinatra
  thin
  thor
